GIT
  remote: git@github.com:gkato/hyperfeed.git
  revision: 220b871f4826988d24ab7b4bcdd4a9852336194d
  specs:
    hyperfeed (0.0.1)
      http_monkey (~> 0.0)
      nokogiri (~> 1.5)

GEM
  remote: https://rubygems.org/
  specs:
    daemons (1.1.9)
    eventmachine (1.0.3)
    foreman (0.62.0)
      thor (>= 0.13.6)
    http_monkey (0.0.4)
      http_objects (~> 0.0.4)
      httpi (~> 2.0.0)
      rack
    http_objects (0.0.5)
    httpi (2.0.2)
      rack
    nokogiri (1.5.9)
    rack (1.5.2)
    rack-protection (1.5.0)
      rack
    sinatra (1.4.2)
      rack (~> 1.5, >= 1.5.2)
      rack-protection (~> 1.4)
      tilt (~> 1.3, >= 1.3.4)
    thin (1.5.1)
      daemons (>= 1.0.9)
      eventmachine (>= 0.12.6)
      rack (>= 1.0.0)
    thor (0.18.1)
    tilt (1.3.6)

PLATFORMS
  ruby

DEPENDENCIES
  foreman
  hyperfeed!
  sinatra (~> 1.4.2)
  thin
